GEM
  remote: https://rubygems.org/
  specs:
    rubyzip (1.1.6)

PLATFORMS
  x86-mingw32

DEPENDENCIES
  rubyzip (> 1.0.0)
